FRAMEWORK: >= NET461
NUGET
  remote: https://www.nuget.org/api/v2
  specs:
    alglibnet2 (0.0.0)
    FSharp.Collections.ParallelSeq (1.0.2)
    FSharp.Data (2.2.5)
    StemmersNet (1.1.1)
