FRAMEWORK: >= NET461
NUGET
  remote: https://www.nuget.org/api/v2
  specs:
    Accord (3.0.2)
    Accord.Math (3.0.2)
      Accord (>= 3.0.2)
    Accord.Statistics (3.0.2)
      Accord (>= 3.0.2)
      Accord.Math (>= 3.0.2)
    FSharp.Collections.ParallelSeq (1.0.2)
    FSharp.Data (2.2.5)
    StemmersNet (1.1.1)
